PATH
  remote: .
  specs:
    rack-reverse-proxy (0.4.5)
      rack (>= 1.0.0)

GEM
  remote: http://rubygems.org/
  specs:
    addressable (2.3.2)
    crack (0.3.1)
    rack (1.4.1)
    rack-test (0.5.7)
      rack (>= 1.0)
    rake (0.8.7)
    rspec (1.3.2)
    webmock (1.5.0)
      addressable (>= 2.2.2)
      crack (>= 0.1.7)

PLATFORMS
  ruby

DEPENDENCIES
  bundler (~> 1.1.4)
  rack-reverse-proxy!
  rack-test (~> 0.5.7)
  rake (~> 0.8.7)
  rspec (~> 1.3.2)
  webmock (~> 1.5.0)
