GIT
  remote: https://github.com/tstmedia/rack-proxy.git
  revision: 2fc15874a150a847c5213104b3d7185f8a0492f0
  specs:
    rack-proxy (0.3.7)
      rack

PATH
  remote: .
  specs:
    rack-reverse-proxy (0.6.0)
      rack (>= 1.0.0)

GEM
  remote: https://rubygems.org/
  specs:
    addressable (2.2.6)
    crack (0.1.8)
    rack (1.4.1)
    rack-test (0.5.7)
      rack (>= 1.0)
    rake (0.8.7)
    rspec (1.3.2)
    webmock (1.5.0)
      addressable (>= 2.2.2)
      crack (>= 0.1.7)

PLATFORMS
  java
  ruby

DEPENDENCIES
  rack-proxy!
  rack-reverse-proxy!
  rack-test (~> 0.5.7)
  rake (~> 0.8.7)
  rspec (~> 1.3.2)
  webmock (~> 1.5.0)
